GEM
  remote: https://rubygems.org/
  specs:
    addressable (2.4.0)
    faraday (0.9.2)
      multipart-post (>= 1.2, < 3)
    google-api-client (0.9.8)
      addressable (~> 2.3)
      googleauth (~> 0.5)
      httpclient (~> 2.7)
      hurley (~> 0.1)
      memoist (~> 0.11)
      mime-types (>= 1.6)
      representable (~> 2.3.0)
      retriable (~> 2.0)
      thor (~> 0.19)
    google_drive (2.0.1)
      google-api-client (>= 0.9.0, < 1.0.0)
      googleauth (>= 0.5.0, < 1.0.0)
      nokogiri (>= 1.5.3, < 2.0.0)
      oauth (>= 0.3.6, < 1.0.0)
      oauth2 (>= 0.5.0, < 2.0.0)
    googleauth (0.5.1)
      faraday (~> 0.9)
      jwt (~> 1.4)
      logging (~> 2.0)
      memoist (~> 0.12)
      multi_json (~> 1.11)
      os (~> 0.9)
      signet (~> 0.7)
    haml (4.0.7)
      tilt
    httpclient (2.8.0)
    hurley (0.2)
    jwt (1.5.1)
    little-plugger (1.1.4)
    logging (2.1.0)
      little-plugger (~> 1.1)
      multi_json (~> 1.10)
    memoist (0.14.0)
    mime-types (3.1)
      mime-types-data (~> 3.2015)
    mime-types-data (3.2016.0521)
    mini_portile2 (2.0.0)
    multi_json (1.12.1)
    multi_xml (0.5.5)
    multipart-post (2.0.0)
    nokogiri (1.6.7.2)
      mini_portile2 (~> 2.0.0.rc2)
    oauth (0.5.1)
    oauth2 (1.1.0)
      faraday (>= 0.8, < 0.10)
      jwt (~> 1.0, < 1.5.2)
      multi_json (~> 1.3)
      multi_xml (~> 0.5)
      rack (>= 1.2, < 3)
    os (0.9.6)
    rack (1.6.4)
    rack-protection (1.5.3)
      rack
    representable (2.3.0)
      uber (~> 0.0.7)
    retriable (2.1.0)
    signet (0.7.2)
      addressable (~> 2.3)
      faraday (~> 0.9)
      jwt (~> 1.5)
      multi_json (~> 1.10)
    sinatra (1.4.7)
      rack (~> 1.5)
      rack-protection (~> 1.4)
      tilt (>= 1.3, < 3)
    thor (0.19.1)
    tilt (2.0.5)
    uber (0.0.15)

PLATFORMS
  ruby

DEPENDENCIES
  google_drive
  haml
  sinatra

RUBY VERSION
   ruby 2.3.1p112

BUNDLED WITH
   1.12.3
